PATH
  remote: .
  specs:
    Connect_4_strategy (0.1.0)
      nokogiri

GEM
  remote: https://rubygems.org/
  specs:
    mini_portile2 (2.8.0)
    nokogiri (1.13.9)
      mini_portile2 (~> 2.8.0)
      racc (~> 1.4)
    racc (1.6.0)
    rake (10.5.0)

PLATFORMS
  x64-mingw32
  x86_64-linux

DEPENDENCIES
  Connect_4_strategy!
  bundler (~> 2.0)
  rake (~> 10.0)

BUNDLED WITH
   2.0.2
