PATH
  remote: .
  specs:
    Connect_4_strategy (0.1.0)
      nokogiri

GEM
  remote: https://rubygems.org/
  specs:
    mini_portile2 (2.4.0)
    nokogiri (1.10.4)
      mini_portile2 (~> 2.4.0)
    nokogiri (1.10.4-x64-mingw32)
      mini_portile2 (~> 2.4.0)
    rake (13.0.1)

PLATFORMS
  ruby
  x64-mingw32

DEPENDENCIES
  Connect_4_strategy!
  bundler (~> 2.0)
  rake (~> 13.0)

BUNDLED WITH
   2.0.2
