PATH
  remote: .
  specs:
    Connect_4_strategy (0.1.0)
      nokogiri

GEM
  remote: https://rubygems.org/
  specs:
    mini_portile2 (2.4.0)
    nokogiri (1.10.8)
      mini_portile2 (~> 2.4.0)
    nokogiri (1.10.8-x64-mingw32)
      mini_portile2 (~> 2.4.0)
    rake (10.5.0)

PLATFORMS
  ruby
  x64-mingw32

DEPENDENCIES
  Connect_4_strategy!
  bundler (~> 2.0)
  rake (~> 10.0)

BUNDLED WITH
   2.0.2
