PATH
  remote: .
  specs:
    Connect_4_strategy (0.1.0)
      nokogiri

GEM
  remote: https://rubygems.org/
  specs:
    nokogiri (1.11.5-x64-mingw32)
      racc (~> 1.4)
    nokogiri (1.11.5-x86_64-linux)
      racc (~> 1.4)
    racc (1.5.2)
    rake (10.5.0)

PLATFORMS
  x64-mingw32
  x86_64-linux

DEPENDENCIES
  Connect_4_strategy!
  bundler (~> 2.0)
  rake (~> 10.0)

BUNDLED WITH
   2.0.2
